GEM
  remote: https://rubygems.org/
  specs:
    actioncable (6.0.4.6)
      actionpack (= 6.0.4.6)
      nio4r (~> 2.0)
      websocket-driver (>= 0.6.1)
    actionmailbox (6.0.4.6)
      actionpack (= 6.0.4.6)
      activejob (= 6.0.4.6)
      activerecord (= 6.0.4.6)
      activestorage (= 6.0.4.6)
      activesupport (= 6.0.4.6)
      mail (>= 2.7.1)
    actionmailer (6.0.4.6)
      actionpack (= 6.0.4.6)
      actionview (= 6.0.4.6)
      activejob (= 6.0.4.6)
      mail (~> 2.5, >= 2.5.4)
      rails-dom-testing (~> 2.0)
    actionpack (6.0.4.6)
      actionview (= 6.0.4.6)
      activesupport (= 6.0.4.6)
      rack (~> 2.0, >= 2.0.8)
      rack-test (>= 0.6.3)
      rails-dom-testing (~> 2.0)
      rails-html-sanitizer (~> 1.0, >= 1.2.0)
    actiontext (6.0.4.6)
      actionpack (= 6.0.4.6)
      activerecord (= 6.0.4.6)
      activestorage (= 6.0.4.6)
      activesupport (= 6.0.4.6)
      nokogiri (>= 1.8.5)
    actionview (6.0.4.6)
      activesupport (= 6.0.4.6)
      builder (~> 3.1)
      erubi (~> 1.4)
      rails-dom-testing (~> 2.0)
      rails-html-sanitizer (~> 1.1, >= 1.2.0)
    active_hash (3.1.0)
      activesupport (>= 5.0.0)
    activejob (6.0.4.6)
      activesupport (= 6.0.4.6)
      globalid (>= 0.3.6)
    activemodel (6.0.4.6)
      activesupport (= 6.0.4.6)
    activerecord (6.0.4.6)
      activemodel (= 6.0.4.6)
      activesupport (= 6.0.4.6)
    activestorage (6.0.4.6)
      actionpack (= 6.0.4.6)
      activejob (= 6.0.4.6)
      activerecord (= 6.0.4.6)
      marcel (~> 1.0.0)
    activesupport (6.0.4.6)
      concurrent-ruby (~> 1.0, >= 1.0.2)
      i18n (>= 0.7, < 2)
      minitest (~> 5.1)
      tzinfo (~> 1.1)
      zeitwerk (~> 2.2, >= 2.2.2)
    addressable (2.8.0)
      public_suffix (>= 2.0.2, < 5.0)
    ast (2.4.2)
    better_errors (2.9.1)
      coderay (>= 1.0.0)
      erubi (>= 1.0.0)
      rack (>= 0.9.0)
    bindex (0.8.1)
    binding_of_caller (1.0.0)
      debug_inspector (>= 0.0.1)
    bootsnap (1.10.3)
      msgpack (~> 1.2)
    buftok (0.2.0)
    builder (3.2.4)
    byebug (11.1.3)
    coderay (1.1.3)
    concurrent-ruby (1.1.9)
    crass (1.0.6)
    debug_inspector (1.1.0)
    diff-lcs (1.5.0)
    domain_name (0.5.20190701)
      unf (>= 0.0.5, < 1.0.0)
    equalizer (0.0.11)
    erubi (1.10.0)
    factory_bot (6.2.0)
      activesupport (>= 5.0.0)
    factory_bot_rails (6.2.0)
      factory_bot (~> 6.2.0)
      railties (>= 5.0.0)
    faraday (1.9.3)
      faraday-em_http (~> 1.0)
      faraday-em_synchrony (~> 1.0)
      faraday-excon (~> 1.1)
      faraday-httpclient (~> 1.0)
      faraday-multipart (~> 1.0)
      faraday-net_http (~> 1.0)
      faraday-net_http_persistent (~> 1.0)
      faraday-patron (~> 1.0)
      faraday-rack (~> 1.0)
      faraday-retry (~> 1.0)
      ruby2_keywords (>= 0.0.4)
    faraday-em_http (1.0.0)
    faraday-em_synchrony (1.0.0)
    faraday-excon (1.1.0)
    faraday-httpclient (1.0.1)
    faraday-multipart (1.0.3)
      multipart-post (>= 1.2, < 3)
    faraday-net_http (1.0.1)
    faraday-net_http_persistent (1.2.0)
    faraday-patron (1.0.0)
    faraday-rack (1.0.0)
    faraday-retry (1.0.3)
    ffi (1.15.5)
    ffi-compiler (1.0.1)
      ffi (>= 1.0.0)
      rake
    gapic-common (0.8.0)
      faraday (~> 1.3)
      google-protobuf (~> 3.14)
      googleapis-common-protos (>= 1.3.11, < 2.a)
      googleapis-common-protos-types (>= 1.0.6, < 2.a)
      googleauth (>= 0.17.0, < 2.a)
      grpc (~> 1.36)
    globalid (1.0.0)
      activesupport (>= 5.0)
    google-cloud-core (1.6.0)
      google-cloud-env (~> 1.0)
      google-cloud-errors (~> 1.0)
    google-cloud-env (1.5.0)
      faraday (>= 0.17.3, < 2.0)
    google-cloud-errors (1.2.0)
    google-cloud-language (1.3.4)
      google-cloud-core (~> 1.6)
      google-cloud-language-v1 (>= 0.4, < 2.a)
      google-cloud-language-v1beta2 (>= 0.4, < 2.a)
    google-cloud-language-v1 (0.4.5)
      gapic-common (>= 0.7, < 2.a)
      google-cloud-errors (~> 1.0)
    google-cloud-language-v1beta2 (0.4.5)
      gapic-common (>= 0.7, < 2.a)
      google-cloud-errors (~> 1.0)
    google-protobuf (3.19.4-x86_64-darwin)
    googleapis-common-protos (1.3.12)
      google-protobuf (~> 3.14)
      googleapis-common-protos-types (~> 1.2)
      grpc (~> 1.27)
    googleapis-common-protos-types (1.3.0)
      google-protobuf (~> 3.14)
    googleauth (1.1.0)
      faraday (>= 0.17.3, < 2.0)
      jwt (>= 1.4, < 3.0)
      memoist (~> 0.16)
      multi_json (~> 1.11)
      os (>= 0.9, < 2.0)
      signet (>= 0.16, < 2.a)
    grpc (1.43.1-universal-darwin)
      google-protobuf (~> 3.18)
      googleapis-common-protos-types (~> 1.0)
    http (4.4.1)
      addressable (~> 2.3)
      http-cookie (~> 1.0)
      http-form_data (~> 2.2)
      http-parser (~> 1.2.0)
    http-cookie (1.0.4)
      domain_name (~> 0.5)
    http-form_data (2.3.0)
    http-parser (1.2.3)
      ffi-compiler (>= 1.0, < 2.0)
    http_parser.rb (0.6.0)
    i18n (1.9.1)
      concurrent-ruby (~> 1.0)
    jbuilder (2.11.5)
      actionview (>= 5.0.0)
      activesupport (>= 5.0.0)
    jwt (2.3.0)
    listen (3.7.1)
      rb-fsevent (~> 0.10, >= 0.10.3)
      rb-inotify (~> 0.9, >= 0.9.10)
    loofah (2.14.0)
      crass (~> 1.0.2)
      nokogiri (>= 1.5.9)
    mail (2.7.1)
      mini_mime (>= 0.1.1)
    marcel (1.0.2)
    memoist (0.16.2)
    memoizable (0.4.2)
      thread_safe (~> 0.3, >= 0.3.1)
    meta-tags (2.16.0)
      actionpack (>= 3.2.0, < 7.1)
    method_source (1.0.0)
    mini_mime (1.1.2)
    minitest (5.15.0)
    msgpack (1.4.4)
    multi_json (1.15.0)
    multipart-post (2.1.1)
    mysql2 (0.5.3)
    naught (1.1.0)
    nio4r (2.5.8)
    nokogiri (1.13.1-x86_64-darwin)
      racc (~> 1.4)
    os (1.1.4)
    parallel (1.21.0)
    parser (3.1.0.0)
      ast (~> 2.4.1)
    public_suffix (4.0.6)
    puma (4.3.11)
      nio4r (~> 2.0)
    racc (1.6.0)
    rack (2.2.3)
    rack-proxy (0.7.2)
      rack
    rack-test (1.1.0)
      rack (>= 1.0, < 3)
    rails (6.0.4.6)
      actioncable (= 6.0.4.6)
      actionmailbox (= 6.0.4.6)
      actionmailer (= 6.0.4.6)
      actionpack (= 6.0.4.6)
      actiontext (= 6.0.4.6)
      actionview (= 6.0.4.6)
      activejob (= 6.0.4.6)
      activemodel (= 6.0.4.6)
      activerecord (= 6.0.4.6)
      activestorage (= 6.0.4.6)
      activesupport (= 6.0.4.6)
      bundler (>= 1.3.0)
      railties (= 6.0.4.6)
      sprockets-rails (>= 2.0.0)
    rails-dom-testing (2.0.3)
      activesupport (>= 4.2.0)
      nokogiri (>= 1.6)
    rails-html-sanitizer (1.4.2)
      loofah (~> 2.3)
    railties (6.0.4.6)
      actionpack (= 6.0.4.6)
      activesupport (= 6.0.4.6)
      method_source
      rake (>= 0.8.7)
      thor (>= 0.20.3, < 2.0)
    rainbow (3.1.1)
    rake (13.0.6)
    rb-fsevent (0.11.1)
    rb-inotify (0.10.1)
      ffi (~> 1.0)
    regexp_parser (2.2.1)
    rexml (3.2.5)
    rspec-core (3.11.0)
      rspec-support (~> 3.11.0)
    rspec-expectations (3.11.0)
      diff-lcs (>= 1.2.0, < 2.0)
      rspec-support (~> 3.11.0)
    rspec-mocks (3.11.0)
      diff-lcs (>= 1.2.0, < 2.0)
      rspec-support (~> 3.11.0)
    rspec-rails (5.0.3)
      actionpack (>= 5.2)
      activesupport (>= 5.2)
      railties (>= 5.2)
      rspec-core (~> 3.10)
      rspec-expectations (~> 3.10)
      rspec-mocks (~> 3.10)
      rspec-support (~> 3.10)
    rspec-support (3.11.0)
    rubocop (1.25.1)
      parallel (~> 1.10)
      parser (>= 3.1.0.0)
      rainbow (>= 2.2.2, < 4.0)
      regexp_parser (>= 1.8, < 3.0)
      rexml
      rubocop-ast (>= 1.15.1, < 2.0)
      ruby-progressbar (~> 1.7)
      unicode-display_width (>= 1.4.0, < 3.0)
    rubocop-ast (1.15.2)
      parser (>= 3.0.1.1)
    rubocop-rails (2.13.2)
      activesupport (>= 4.2.0)
      rack (>= 1.1)
      rubocop (>= 1.7.0, < 2.0)
    ruby-progressbar (1.11.0)
    ruby2_keywords (0.0.5)
    sass-rails (6.0.0)
      sassc-rails (~> 2.1, >= 2.1.1)
    sassc (2.4.0)
      ffi (~> 1.9)
    sassc-rails (2.1.2)
      railties (>= 4.0.0)
      sassc (>= 2.0)
      sprockets (> 3.0)
      sprockets-rails
      tilt
    signet (0.16.0)
      addressable (~> 2.8)
      faraday (>= 0.17.3, < 2.0)
      jwt (>= 1.5, < 3.0)
      multi_json (~> 1.10)
    simple_oauth (0.3.1)
    spring (2.1.1)
    spring-watcher-listen (2.0.1)
      listen (>= 2.7, < 4.0)
      spring (>= 1.2, < 3.0)
    sprockets (4.0.2)
      concurrent-ruby (~> 1.0)
      rack (> 1, < 3)
    sprockets-rails (3.4.2)
      actionpack (>= 5.2)
      activesupport (>= 5.2)
      sprockets (>= 3.0.0)
    thor (1.2.1)
    thread_safe (0.3.6)
    tilt (2.0.10)
    turbolinks (5.2.1)
      turbolinks-source (~> 5.2)
    turbolinks-source (5.2.0)
    twitter (7.0.0)
      addressable (~> 2.3)
      buftok (~> 0.2.0)
      equalizer (~> 0.0.11)
      http (~> 4.0)
      http-form_data (~> 2.0)
      http_parser.rb (~> 0.6.0)
      memoizable (~> 0.4.0)
      multipart-post (~> 2.0)
      naught (~> 1.0)
      simple_oauth (~> 0.3.0)
    tzinfo (1.2.9)
      thread_safe (~> 0.1)
    unf (0.1.4)
      unf_ext
    unf_ext (0.0.8)
    unicode-display_width (2.1.0)
    web-console (4.2.0)
      actionview (>= 6.0.0)
      activemodel (>= 6.0.0)
      bindex (>= 0.4.0)
      railties (>= 6.0.0)
    webpacker (4.3.0)
      activesupport (>= 4.2)
      rack-proxy (>= 0.6.1)
      railties (>= 4.2)
    websocket-driver (0.7.5)
      websocket-extensions (>= 0.1.0)
    websocket-extensions (0.1.5)
    zeitwerk (2.5.4)

PLATFORMS
  x86_64-darwin-20

DEPENDENCIES
  active_hash
  better_errors
  binding_of_caller
  bootsnap (>= 1.4.2)
  byebug
  factory_bot_rails
  google-cloud-language
  jbuilder (~> 2.7)
  listen (~> 3.2)
  meta-tags
  mysql2 (>= 0.5.3)
  puma (~> 4.1)
  rails (~> 6.0.3, >= 6.0.3.7)
  rspec-rails (~> 5.0.0)
  rubocop
  rubocop-rails
  sass-rails (>= 6)
  spring
  spring-watcher-listen (~> 2.0.0)
  turbolinks (~> 5)
  twitter
  tzinfo-data
  web-console (>= 3.3.0)
  webpacker (~> 4.0)

RUBY VERSION
   ruby 2.7.2p137

BUNDLED WITH
   2.2.21
